GEM
  remote: https://rubygems.org/
  specs:
    colorize (0.8.1)

PLATFORMS
  ruby
  x86_64-linux

DEPENDENCIES
  colorize (~> 0.8.1)

BUNDLED WITH
   2.2.0
